PATH
  remote: .
  specs:
    safely (0.3.2)

GEM
  remote: http://rubygems.org/
  specs:
    activesupport (3.0.6)
    diff-lcs (1.1.2)
    i18n (0.5.0)
    mail (2.2.15)
      activesupport (>= 2.3.6)
      i18n (>= 0.4.0)
      mime-types (~> 1.16)
      treetop (~> 1.4.8)
    mime-types (1.16)
    mocha (0.9.12)
    polyglot (0.3.1)
    rake (10.4.2)
    rspec (2.5.0)
      rspec-core (~> 2.5.0)
      rspec-expectations (~> 2.5.0)
      rspec-mocks (~> 2.5.0)
    rspec-core (2.5.1)
    rspec-expectations (2.5.0)
      diff-lcs (~> 1.1.2)
    rspec-mocks (2.5.0)
    toadhopper (2.0)
    treetop (1.4.9)
      polyglot (>= 0.3.1)
    yard (0.6.7)

PLATFORMS
  ruby

DEPENDENCIES
  bundler
  mail
  mocha
  rake (~> 10.4.2)
  rspec (~> 2.5.0)
  safely!
  toadhopper
  yard (~> 0.6.0)
