PATH
  remote: .
  specs:
    safely (0.3.2)

GEM
  remote: http://rubygems.org/
  specs:
    diff-lcs (1.2.5)
    multi_json (1.10.1)
    rake (0.8.7)
    rollbar (1.2.11)
      multi_json (~> 1.3)
    rspec (3.1.0)
      rspec-core (~> 3.1.0)
      rspec-expectations (~> 3.1.0)
      rspec-mocks (~> 3.1.0)
    rspec-core (3.1.7)
      rspec-support (~> 3.1.0)
    rspec-expectations (3.1.2)
      diff-lcs (>= 1.2.0, < 2.0)
      rspec-support (~> 3.1.0)
    rspec-mocks (3.1.3)
      rspec-support (~> 3.1.0)
    rspec-support (3.1.2)

PLATFORMS
  ruby

DEPENDENCIES
  bundler
  rake
  rollbar (~> 1.2.11)
  rspec (~> 3.1.0)
  safely!
